PATH
  remote: .
  specs:
    object_allocation_tracker (0.1.0)

GEM
  remote: https://rubygems.org/
  specs:
    diff-lcs (1.5.0)
    memory_profiler (1.0.1)
    rake (13.1.0)
    rake-compiler (1.2.5)
      rake
    rspec (3.12.0)
      rspec-core (~> 3.12.0)
      rspec-expectations (~> 3.12.0)
      rspec-mocks (~> 3.12.0)
    rspec-core (3.12.2)
      rspec-support (~> 3.12.0)
    rspec-expectations (3.12.3)
      diff-lcs (>= 1.2.0, < 2.0)
      rspec-support (~> 3.12.0)
    rspec-mocks (3.12.6)
      diff-lcs (>= 1.2.0, < 2.0)
      rspec-support (~> 3.12.0)
    rspec-support (3.12.1)

PLATFORMS
  arm64-darwin-22
  arm64-darwin-23

DEPENDENCIES
  memory_profiler
  object_allocation_tracker!
  rake (~> 13.0)
  rake-compiler
  rspec (~> 3.0)

BUNDLED WITH
   2.4.6
